GEM
  remote: https://rubygems.org/
  specs:
    colorize (0.8.1)
    thor (0.20.3)

PLATFORMS
  ruby

DEPENDENCIES
  colorize
  thor

RUBY VERSION
   ruby 2.6.2p47

BUNDLED WITH
   1.17.2
