GEM
  remote: https://rubygems.org/
  specs:
    ast (2.4.0)
    colorize (0.8.1)
    google-protobuf (3.10.0)
    jaro_winkler (1.5.3)
    parallel (1.17.0)
    parser (2.6.5.0)
      ast (~> 2.4.0)
    rainbow (3.0.0)
    rubocop (0.75.0)
      jaro_winkler (~> 1.5.1)
      parallel (~> 1.10)
      parser (>= 2.6)
      rainbow (>= 2.2.2, < 4.0)
      ruby-progressbar (~> 1.7)
      unicode-display_width (>= 1.4.0, < 1.7)
    rubocop-performance (1.5.0)
      rubocop (>= 0.71.0)
    ruby-progressbar (1.10.1)
    sorbet (0.4.4833)
      sorbet-static (= 0.4.4833)
    sorbet-runtime (0.4.4833)
    sorbet-static (0.4.4833-universal-darwin-14)
    thor (0.20.3)
    unicode-display_width (1.6.0)

PLATFORMS
  ruby

DEPENDENCIES
  colorize
  google-protobuf
  rubocop
  rubocop-performance
  sorbet
  sorbet-runtime
  thor

RUBY VERSION
   ruby 2.6.3p62

BUNDLED WITH
   1.17.2
