GEM
  remote: https://rubygems.org/
  specs:
    activesupport (6.0.0)
      concurrent-ruby (~> 1.0, >= 1.0.2)
      i18n (>= 0.7, < 2)
      minitest (~> 5.1)
      tzinfo (~> 1.1)
      zeitwerk (~> 2.1, >= 2.1.8)
    ast (2.4.0)
    colorize (0.8.1)
    concurrent-ruby (1.1.5)
    i18n (1.7.0)
      concurrent-ruby (~> 1.0)
    jaro_winkler (1.5.3)
    middleware (0.1.0)
    minitest (5.12.2)
    parallel (1.17.0)
    parser (2.6.5.0)
      ast (~> 2.4.0)
    protobuf (3.10.2)
      activesupport (>= 3.2)
      middleware
      thor
      thread_safe
    rainbow (3.0.0)
    rubocop (0.75.0)
      jaro_winkler (~> 1.5.1)
      parallel (~> 1.10)
      parser (>= 2.6)
      rainbow (>= 2.2.2, < 4.0)
      ruby-progressbar (~> 1.7)
      unicode-display_width (>= 1.4.0, < 1.7)
    rubocop-performance (1.5.0)
      rubocop (>= 0.71.0)
    ruby-progressbar (1.10.1)
    sorbet (0.4.4833)
      sorbet-static (= 0.4.4833)
    sorbet-runtime (0.4.4833)
    sorbet-static (0.4.4833-universal-darwin-14)
    thor (0.20.3)
    thread_safe (0.3.6)
    tzinfo (1.2.5)
      thread_safe (~> 0.1)
    unicode-display_width (1.6.0)
    zeitwerk (2.2.0)

PLATFORMS
  ruby

DEPENDENCIES
  colorize
  protobuf
  rubocop
  rubocop-performance
  sorbet
  sorbet-runtime
  thor

RUBY VERSION
   ruby 2.6.3p62

BUNDLED WITH
   1.17.2
