GEM
  remote: https://rubygems.org/
  specs:
    activesupport (6.0.3.2)
      concurrent-ruby (~> 1.0, >= 1.0.2)
      i18n (>= 0.7, < 2)
      minitest (~> 5.1)
      tzinfo (~> 1.1)
      zeitwerk (~> 2.2, >= 2.2.2)
    ast (2.4.0)
    colorize (0.8.1)
    concurrent-ruby (1.1.7)
    i18n (1.8.5)
      concurrent-ruby (~> 1.0)
    jaro_winkler (1.5.4)
    middleware (0.1.0)
    minitest (5.14.1)
    parallel (1.19.1)
    parser (2.7.0.4)
      ast (~> 2.4.0)
    protobuf (3.10.3)
      activesupport (>= 3.2)
      middleware
      thor
      thread_safe
    rainbow (3.0.0)
    rexml (3.2.4)
    rubocop (0.80.1)
      jaro_winkler (~> 1.5.1)
      parallel (~> 1.10)
      parser (>= 2.7.0.1)
      rainbow (>= 2.2.2, < 4.0)
      rexml
      ruby-progressbar (~> 1.7)
      unicode-display_width (>= 1.4.0, < 1.7)
    rubocop-performance (1.5.2)
      rubocop (>= 0.71.0)
    ruby-progressbar (1.10.1)
    sorbet (0.5.5450)
      sorbet-static (= 0.5.5450)
    sorbet-runtime (0.5.5450)
    sorbet-static (0.5.5450-universal-darwin-14)
    thor (1.0.1)
    thread_safe (0.3.6)
    tzinfo (1.2.7)
      thread_safe (~> 0.1)
    unicode-display_width (1.6.1)
    zeitwerk (2.4.0)

PLATFORMS
  ruby

DEPENDENCIES
  colorize
  protobuf
  rubocop
  rubocop-performance
  sorbet
  sorbet-runtime
  thor

RUBY VERSION
   ruby 2.7.0p0

BUNDLED WITH
   1.17.2
